GEM
  remote: http://rubygems.org/
  specs:
    compass (1.0.3)

PLATFORMS
  ruby

DEPENDENCIES
  'chunky_png' 'compass-core' 'compass-import-once' 'rb-fsevent' 'rb-inotify' 'sass'
